GEM
  specs:

PLATFORMS
  ruby
  x86_64-linux

DEPENDENCIES

RUBY VERSION
   ruby 2.4.1p111

BUNDLED WITH
   1.16.1
